STORAGE: NONE
RESTRICTION: || (== netcoreapp3.1) (== netstandard2.0)
NUGET
  remote: https://api.nuget.org/v3/index.json
    Aardium (2.0)
      FSharp.Core (>= 4.6.2)
    Aardvark.Application (5.1.7)
      Aardvark.Base.Essentials (>= 5.1.4 < 5.2)
      Aardvark.Base.Incremental (>= 5.1.4 < 5.2)
      Aardvark.Rendering (5.1.7)
      FShade.Core (>= 5.1.7 < 5.2)
      FShade.GLSL (>= 5.1.7)
      FSharp.Core (>= 4.6.2)
    Aardvark.Application.OpenVR (5.1.7)
      Aardvark.Application (5.1.7)
      Aardvark.Base.Essentials (>= 5.1.4 < 5.2)
      Aardvark.Base.Incremental (>= 5.1.4 < 5.2)
      Aardvark.Base.Tensors (>= 5.1.4 < 5.2)
      Aardvark.Rendering (5.1.7)
      Aardvark.Rendering.Text (5.1.7)
      Aardvark.SceneGraph (5.1.7)
      FShade.Core (>= 5.1.7 < 5.2)
      FShade.GLSL (>= 5.1.7)
      FSharp.Core (>= 4.6.2)
      Unofficial.OpenVR (>= 1.1 < 1.2)
    Aardvark.Application.OpenVR.GL (5.1.7)
      Aardvark.Application (5.1.7)
      Aardvark.Application.OpenVR (5.1.7)
      Aardvark.Application.Slim (5.1.7)
      Aardvark.Application.Slim.GL (5.1.7)
      Aardvark.Base.Essentials (>= 5.1.4 < 5.2)
      Aardvark.Base.Incremental (>= 5.1.4 < 5.2)
      Aardvark.Base.Runtime (>= 5.1.4 < 5.2)
      Aardvark.Rendering (5.1.7)
      Aardvark.Rendering.GL (5.1.7)
      Aardvark.SceneGraph (5.1.7)
      FShade.Core (>= 5.1.7 < 5.2)
      FShade.GLSL (>= 5.1.7)
      FSharp.Core (>= 4.6.2)
      Unofficial.OpenTK (>= 3.0.19 < 3.1)
      Unofficial.OpenVR (>= 1.1 < 1.2)
    Aardvark.Application.OpenVR.Vulkan (5.1.7)
      Aardvark.Application (5.1.7)
      Aardvark.Application.OpenVR (5.1.7)
      Aardvark.Base.Essentials (>= 5.1.4 < 5.2)
      Aardvark.Base.Incremental (>= 5.1.4 < 5.2)
      Aardvark.Base.Runtime (>= 5.1.4 < 5.2)
      Aardvark.Rendering (5.1.7)
      Aardvark.Rendering.Vulkan (5.1.7)
      Aardvark.SceneGraph (5.1.7)
      FShade.Core (>= 5.1.7 < 5.2)
      FShade.GLSL (>= 5.1.7)
      FSharp.Core (>= 4.6.2)
      Unofficial.OpenVR (>= 1.1 < 1.2)
    Aardvark.Application.Slim (5.1.7)
      Aardvark.Application (5.1.7)
      Aardvark.Base.Essentials (>= 5.1.4 < 5.2)
      Aardvark.Base.Incremental (>= 5.1.4 < 5.2)
      Aardvark.Base.Runtime (>= 5.1.4 < 5.2)
      Aardvark.Rendering (5.1.7)
      FShade (>= 5.1.7 < 5.2)
      FSharp.Core (>= 4.6.2)
      Unofficial.OpenTK (>= 3.0.19 < 3.1)
    Aardvark.Application.Slim.GL (5.1.7)
      Aardvark.Application (5.1.7)
      Aardvark.Base.Essentials (>= 5.1.4 < 5.2)
      Aardvark.Base.Incremental (>= 5.1.4 < 5.2)
      Aardvark.Base.Runtime (>= 5.1.4 < 5.2)
      Aardvark.Base.Tensors (>= 5.1.4 < 5.2)
      Aardvark.Rendering (5.1.7)
      Aardvark.Rendering.GL (5.1.7)
      FShade (>= 5.1.7 < 5.2)
      FSharp.Core (>= 4.6.2)
      Silk.NET.Core (1.7)
      Silk.NET.GLFW (1.7)
      Unofficial.OpenTK (>= 3.0.19 < 3.1)
    Aardvark.Application.Slim.Vulkan (5.1.7)
      Aardvark.Application (5.1.7)
      Aardvark.Application.Slim (5.1.7)
      Aardvark.Base.Essentials (>= 5.1.4 < 5.2)
      Aardvark.Base.Incremental (>= 5.1.4 < 5.2)
      Aardvark.Base.Runtime (>= 5.1.4 < 5.2)
      Aardvark.Rendering (5.1.7)
      Aardvark.Rendering.Vulkan (5.1.7)
      FShade (>= 5.1.7 < 5.2)
      FSharp.Core (>= 4.6.2)
      GLSLangSharp (>= 0.4.6 < 0.5)
      Unofficial.OpenTK (>= 3.0.19 < 3.1)
    Aardvark.Application.Utilities (5.1.7)
      Aardvark.Application (5.1.7)
      Aardvark.Application.OpenVR (5.1.7)
      Aardvark.Application.OpenVR.GL (5.1.7)
      Aardvark.Application.OpenVR.Vulkan (5.1.7)
      Aardvark.Application.Slim (5.1.7)
      Aardvark.Application.Slim.GL (5.1.7)
      Aardvark.Application.Slim.Vulkan (5.1.7)
      Aardvark.Base.Essentials (>= 5.1.4 < 5.2)
      Aardvark.Base.Incremental (>= 5.1.4 < 5.2)
      Aardvark.Base.Runtime (>= 5.1.4 < 5.2)
      Aardvark.Rendering (5.1.7)
      Aardvark.Rendering.GL (5.1.7)
      Aardvark.Rendering.Text (5.1.7)
      Aardvark.Rendering.Vulkan (5.1.7)
      Aardvark.SceneGraph (5.1.7)
      FShade.Core (>= 5.1.7 < 5.2)
      FShade.GLSL (>= 5.1.7)
      FSharp.Core (>= 4.6.2)
      Unofficial.OpenTK (>= 3.0.19 < 3.1)
      Unofficial.OpenVR (>= 1.1 < 1.2)
    Aardvark.Base (5.1.6)
      Aardvark.Base.Telemetry (5.1.6)
      DevILSharp (>= 0.2.11 < 0.3)
      System.Collections.Immutable (>= 1.7)
      System.Reflection.Metadata (>= 1.8) - restriction: == netstandard2.0
      System.Text.Json (>= 4.7.2)
    Aardvark.Base.Essentials (5.1.6)
      Aardvark.Base (5.1.6)
      DevILSharp (>= 0.2.9 < 0.3)
      System.Collections.Immutable (>= 1.7)
      System.Reactive (>= 4.3.1)
    Aardvark.Base.FSharp (5.1.6)
      Aardvark.Base (5.1.6)
      Aardvark.Base.TypeProviders (>= 4.5.15 < 4.6)
      DevILSharp (>= 0.2.9 < 0.3)
      FSharp.Core (>= 4.6.2)
      FSharp.Data.Adaptive (>= 1.2 < 1.3)
      FsPickler (>= 5.3.2 < 5.4)
      System.Dynamic.Runtime (>= 4.3 < 4.4)
    Aardvark.Base.Incremental (5.1.6)
      Aardvark.Base (5.1.6)
      Aardvark.Base.FSharp (5.1.6)
      Aardvark.Base.TypeProviders (>= 4.5.15 < 4.6)
      DevILSharp (>= 0.2.9 < 0.3)
      FSharp.Core (>= 4.6.2)
      FSharp.Data.Adaptive (>= 1.2 < 1.3)
      FsPickler (>= 5.3.2 < 5.4)
    Aardvark.Base.Runtime (5.1.6)
      Aardvark.Base.FSharp (5.1.6)
      Aardvark.Base.Incremental (5.1.6)
      Aardvark.Base.TypeProviders (>= 4.5.15 < 4.6)
      DevILSharp (>= 0.2.9 < 0.3)
      FSharp.Core (>= 4.6.2)
      FSharp.Data.Adaptive (>= 1.2 < 1.3)
      FsPickler (>= 5.3.2 < 5.4)
    Aardvark.Base.Telemetry (5.1.6)
    Aardvark.Base.Tensors (5.1.6)
      Aardvark.Base (5.1.6)
      Aardvark.Base.FSharp (5.1.6)
      FSharp.Core (>= 4.6.2)
      SixLabors.ImageSharp (>= 1.0.2 < 1.1)
    Aardvark.Base.TypeProviders (4.5.15)
      FSharp.Core (>= 4.2.3)
    Aardvark.Geometry (5.1.6)
      Aardvark.Base (5.1.6)
      Aardvark.Base.FSharp (5.1.6)
      Aardvark.Base.Tensors (5.1.6)
      Aardvark.Base.TypeProviders (>= 4.5.15 < 4.6)
      DevILSharp (>= 0.2.9 < 0.3)
      FSharp.Core (>= 4.6.2)
      FSharp.Data.Adaptive (>= 1.2 < 1.3)
      FsPickler (>= 5.3.2 < 5.4)
      Unofficial.LibTessDotNet (>= 2.0.2 < 2.1)
    Aardvark.GPGPU (5.1.7)
      Aardvark.Base.Incremental (>= 5.1.4 < 5.2)
      Aardvark.Rendering (5.1.7)
      FShade.Core (>= 5.1.7 < 5.2)
      FShade.GLSL (>= 5.1.7)
      FSharp.Core (>= 4.6.2)
    Aardvark.Physics.Sky (5.1.5)
      Aardvark.Base (>= 5.1.6 < 5.2)
      Aardvark.Base.Tensors (>= 5.1.6 < 5.2)
    Aardvark.PixImage.DevIL (5.1.6)
      Aardvark.Base (5.1.6)
      Aardvark.Base.Tensors (5.1.6)
      DevILSharp
    Aardvark.Rendering (5.1.7)
      Aardvark.Base.Essentials (>= 5.1.4 < 5.2)
      Aardvark.Base.Incremental (>= 5.1.4 < 5.2)
      Aardvark.Base.Tensors (>= 5.1.4 < 5.2)
      FShade.Core (>= 5.1.7 < 5.2)
      FShade.GLSL (>= 5.1.7)
      FSharp.Core (>= 4.6.2)
    Aardvark.Rendering.GL (5.1.7)
      Aardvark.Base.Essentials (>= 5.1.4 < 5.2)
      Aardvark.Base.Incremental (>= 5.1.4 < 5.2)
      Aardvark.Base.Runtime (>= 5.1.4 < 5.2)
      Aardvark.Base.Tensors (>= 5.1.4 < 5.2)
      Aardvark.Geometry (>= 5.1.4 < 5.2)
      Aardvark.PixImage.DevIL (>= 5.1.4 < 5.2)
      Aardvark.Rendering (5.1.7)
      FShade (>= 5.1.7 < 5.2)
      FSharp.Core (>= 4.6.2)
      Unofficial.OpenTK (>= 3.0.19 < 3.1)
    Aardvark.Rendering.Text (5.1.7)
      Aardvark.Base.Incremental (>= 5.1.4 < 5.2)
      Aardvark.Rendering (5.1.7)
      Aardvark.SceneGraph (5.1.7)
      CommonMark.NET (>= 0.15.1 < 0.16)
      FShade.Core (>= 5.1.7 < 5.2)
      FShade.GLSL (>= 5.1.7)
      FSharp.Core (>= 4.6.2)
      Unofficial.LibTessDotNet (>= 2.0.2 < 2.1)
      Unofficial.Typography (>= 0.1 < 0.2)
    Aardvark.Rendering.Vulkan (5.1.7)
      Aardvark.Base.Incremental (>= 5.1.4 < 5.2)
      Aardvark.Base.Runtime (>= 5.1.4 < 5.2)
      Aardvark.Base.Tensors (>= 5.1.4 < 5.2)
      Aardvark.PixImage.DevIL (>= 5.1.4 < 5.2)
      Aardvark.Rendering (5.1.7)
      FShade (>= 5.1.7 < 5.2)
      FSharp.Core (>= 4.6.2)
      GLSLangSharp (>= 0.4.6 < 0.5)
    Aardvark.SceneGraph (5.1.7)
      Aardvark.Base.Incremental (>= 5.1.4 < 5.2)
      Aardvark.Rendering (5.1.7)
      FShade.Core (>= 5.1.7 < 5.2)
      FShade.GLSL (>= 5.1.7)
      FSharp.Core (>= 4.6.2)
    Aardvark.SceneGraph.IO (5.1.7)
      Aardvark.Base.Incremental (>= 5.1.4 < 5.2)
      Aardvark.Base.Tensors (>= 5.1.4 < 5.2)
      Aardvark.Rendering (5.1.7)
      Aardvark.SceneGraph (5.1.7)
      FShade.Core (>= 5.1.7 < 5.2)
      FShade.GLSL (>= 5.1.7)
      FSharp.Core (>= 4.6.2)
      Unofficial.AssimpNet (>= 4.0.5 < 4.1)
    Aardvark.Service (5.1.2)
      Aardvark.Application (>= 5.1.6)
      Aardvark.Base (>= 5.1.6 < 5.2)
      Aardvark.Base.FSharp (>= 5.1.6 < 5.2)
      Aardvark.GPGPU (>= 5.1.6 < 5.2)
      Aardvark.Rendering (>= 5.1.6 < 5.2)
      Aardvark.Rendering.GL (>= 5.1.6)
      Aardvark.Rendering.Vulkan (>= 5.1.6 < 5.2)
      FSharp.Core (>= 4.6.2)
      FSharp.Data.Adaptive (>= 1.2 < 1.3)
      FsPickler (>= 5.3.2 < 5.4)
      FsPickler.Json (>= 5.3.2 < 5.4)
      Suave (>= 2.5.5 < 2.6)
    Aardvark.UI (5.1.2)
      Aardvark.Application (>= 5.1.6)
      Aardvark.Base (>= 5.1.6 < 5.2)
      Aardvark.Base.FSharp (>= 5.1.6 < 5.2)
      Aardvark.Base.Incremental (>= 5.1.6 < 5.2)
      Aardvark.Rendering (>= 5.1.6 < 5.2)
      Aardvark.SceneGraph (>= 5.1.6 < 5.2)
      Aardvark.Service (5.1.2)
      FSharp.Core (>= 4.6.2)
      FSharp.Data.Adaptive (>= 1.2 < 1.3)
      FsPickler (>= 5.3.2 < 5.4)
      FsPickler.Json (>= 5.3.2 < 5.4)
      Suave (>= 2.5.5 < 2.6)
    Aardvark.UI.Primitives (5.1.2)
      Aardvark.Application (>= 5.1.6)
      Aardvark.Base (>= 5.1.6 < 5.2)
      Aardvark.Base.FSharp (>= 5.1.6 < 5.2)
      Aardvark.Base.Incremental (>= 5.1.6 < 5.2)
      Aardvark.Rendering (>= 5.1.6 < 5.2)
      Aardvark.SceneGraph (>= 5.1.6 < 5.2)
      Aardvark.Service (5.1.2)
      Aardvark.UI (5.1.2)
      FSharp.Core (>= 4.6.2)
      FSharp.Data.Adaptive (>= 1.2 < 1.3)
      FsPickler (>= 5.3.2 < 5.4)
      FsPickler.Json (>= 5.3.2 < 5.4)
    Adaptify.Core (1.0.5)
      FSharp.Data.Adaptive (>= 1.2 < 2.0)
    Adaptify.MSBuild (1.0.5)
      Adaptify.Core (1.0.5)
    CommonMark.NET (0.15.1)
    CSharp.Data.Adaptive (1.2.1)
      FSharp.Core (>= 4.6.2)
      FSharp.Data.Adaptive (1.2.1)
      System.Reflection.Emit.Lightweight (>= 4.6)
    DevILSharp (0.2.11)
      FSharp.Core (>= 4.6.2)
    FShade (5.1.7)
      FShade.Core (5.1.7)
      FShade.GLSL (5.1.7)
      FShade.Imperative (5.1.7)
      FShade.SpirV (5.1.7)
    FShade.Core (5.1.7)
      Aardvark.Base (>= 5.1.6 < 5.2)
      Aardvark.Base.FSharp (>= 5.1.6 < 5.2)
      FShade.Imperative (5.1.7)
      FSharp.Core (>= 4.6.2)
    FShade.GLSL (5.1.7)
      Aardvark.Base (>= 5.1.6 < 5.2)
      Aardvark.Base.FSharp (>= 5.1.6 < 5.2)
      FShade.Core (5.1.7)
      FShade.Imperative (5.1.7)
      FSharp.Core (>= 4.6.2)
    FShade.Imperative (5.1.7)
      Aardvark.Base (>= 5.1.6 < 5.2)
      Aardvark.Base.FSharp (>= 5.1.6 < 5.2)
      FSharp.Core (>= 4.6.2)
      FsPickler (>= 5.3.2 < 5.4)
    FShade.SpirV (5.1.7)
      Aardvark.Base (>= 5.1.6 < 5.2)
      Aardvark.Base.FSharp (>= 5.1.6 < 5.2)
      FShade.Core (5.1.7)
      FShade.Imperative (5.1.7)
      FSharp.Core (>= 4.6.2)
    FSharp.Core (4.6.2)
    FSharp.Data.Adaptive (1.2.1)
      FSharp.Core (>= 4.6.2)
      System.Reflection.Emit.Lightweight (>= 4.6)
    FsPickler (5.3.2)
      FSharp.Core (>= 4.3.2)
      System.Reflection.Emit.Lightweight (>= 4.3)
    FsPickler.Json (5.3.2)
      FSharp.Core (>= 4.3.2)
      FsPickler (>= 5.3.2)
      Newtonsoft.Json (>= 10.0.1)
    GLSLangSharp (0.4.6)
      FSharp.Core (>= 4.6.2)
    Microsoft.Bcl.AsyncInterfaces (5.0) - restriction: || (&& (== netcoreapp3.1) (>= monoandroid)) (&& (== netcoreapp3.1) (>= monotouch)) (&& (== netcoreapp3.1) (>= net461)) (&& (== netcoreapp3.1) (< netcoreapp2.0)) (&& (== netcoreapp3.1) (< netcoreapp2.1)) (&& (== netcoreapp3.1) (< netcoreapp3.0)) (&& (== netcoreapp3.1) (>= uap10.1)) (&& (== netcoreapp3.1) (>= xamarinios)) (&& (== netcoreapp3.1) (>= xamarinmac)) (&& (== netcoreapp3.1) (>= xamarintvos)) (&& (== netcoreapp3.1) (>= xamarinwatchos)) (== netstandard2.0)
      System.Threading.Tasks.Extensions (>= 4.5.4) - restriction: || (&& (== netcoreapp3.1) (>= net461)) (&& (== netcoreapp3.1) (< netcoreapp2.1) (< netstandard2.1)) (== netstandard2.0)
    Microsoft.CSharp (4.7)
    Microsoft.DotNet.PlatformAbstractions (3.1.6)
    Microsoft.Extensions.DependencyModel (5.0)
      System.Buffers (>= 4.5.1) - restriction: || (&& (== netcoreapp3.1) (>= monoandroid)) (&& (== netcoreapp3.1) (>= monotouch)) (&& (== netcoreapp3.1) (>= net461)) (&& (== netcoreapp3.1) (< netcoreapp2.0)) (&& (== netcoreapp3.1) (>= xamarinios)) (&& (== netcoreapp3.1) (>= xamarinmac)) (&& (== netcoreapp3.1) (>= xamarintvos)) (&& (== netcoreapp3.1) (>= xamarinwatchos)) (== netstandard2.0)
      System.Memory (>= 4.5.4) - restriction: || (&& (== netcoreapp3.1) (>= net461)) (&& (== netcoreapp3.1) (< netcoreapp2.0)) (&& (== netcoreapp3.1) (< netcoreapp2.1)) (&& (== netcoreapp3.1) (>= uap10.1)) (== netstandard2.0)
      System.Text.Encodings.Web (>= 5.0)
      System.Text.Json (>= 5.0)
    Microsoft.NETCore.Platforms (5.0.1)
    Microsoft.NETCore.Targets (5.0)
    Newtonsoft.Json (13.0.1)
    Silk.NET.Core (1.7)
      Microsoft.CSharp (>= 4.7)
      System.Memory (>= 4.5.3)
      System.Numerics.Vectors (>= 4.5)
      System.Reflection.Emit (>= 4.7)
      System.Reflection.Emit.ILGeneration (>= 4.7)
      System.Runtime.CompilerServices.Unsafe (>= 4.7)
      Ultz.SuperInvoke (>= 1.1)
    Silk.NET.GLFW (1.7)
      Silk.NET.Core (>= 1.7)
      Ultz.Native.GLFW (>= 3.3.2)
    SixLabors.ImageSharp (1.0.3)
      System.Buffers (>= 4.5.1) - restriction: || (&& (== netcoreapp3.1) (>= net472)) (&& (== netcoreapp3.1) (< netcoreapp2.1) (< netstandard2.1)) (&& (== netcoreapp3.1) (< netstandard2.0)) (== netstandard2.0)
      System.Memory (>= 4.5.4) - restriction: || (&& (== netcoreapp3.1) (>= net472)) (&& (== netcoreapp3.1) (< netcoreapp2.1) (< netstandard2.1)) (&& (== netcoreapp3.1) (< netstandard2.0)) (== netstandard2.0)
      System.Numerics.Vectors (>= 4.5) - restriction: || (&& (== netcoreapp3.1) (>= net472)) (&& (== netcoreapp3.1) (< netcoreapp2.1) (< netstandard2.1)) (&& (== netcoreapp3.1) (< netstandard2.0)) (== netstandard2.0)
    Suave (2.5.6)
      FSharp.Core (>= 4.3.4)
    System.Buffers (4.5.1) - restriction: || (&& (== netcoreapp3.1) (>= monoandroid)) (&& (== netcoreapp3.1) (>= monotouch)) (&& (== netcoreapp3.1) (>= net461)) (&& (== netcoreapp3.1) (< netcoreapp2.0)) (&& (== netcoreapp3.1) (>= xamarinios)) (&& (== netcoreapp3.1) (>= xamarinmac)) (&& (== netcoreapp3.1) (>= xamarintvos)) (&& (== netcoreapp3.1) (>= xamarinwatchos)) (== netstandard2.0)
    System.Collections (4.3)
      Microsoft.NETCore.Platforms (>= 1.1)
      Microsoft.NETCore.Targets (>= 1.1)
      System.Runtime (>= 4.3)
    System.Collections.Immutable (5.0)
      System.Memory (>= 4.5.4) - restriction: || (&& (== netcoreapp3.1) (>= net461)) (&& (== netcoreapp3.1) (< netcoreapp2.1)) (&& (== netcoreapp3.1) (< netstandard2.0)) (&& (== netcoreapp3.1) (>= uap10.1)) (== netstandard2.0)
    System.Diagnostics.Debug (4.3)
      Microsoft.NETCore.Platforms (>= 1.1)
      Microsoft.NETCore.Targets (>= 1.1)
      System.Runtime (>= 4.3)
    System.Dynamic.Runtime (4.3)
      System.Collections (>= 4.3)
      System.Diagnostics.Debug (>= 4.3)
      System.Linq (>= 4.3)
      System.Linq.Expressions (>= 4.3)
      System.ObjectModel (>= 4.3)
      System.Reflection (>= 4.3)
      System.Reflection.Emit (>= 4.3)
      System.Reflection.Emit.ILGeneration (>= 4.3)
      System.Reflection.Primitives (>= 4.3)
      System.Reflection.TypeExtensions (>= 4.3)
      System.Resources.ResourceManager (>= 4.3)
      System.Runtime (>= 4.3)
      System.Runtime.Extensions (>= 4.3)
      System.Threading (>= 4.3)
    System.Globalization (4.3)
      Microsoft.NETCore.Platforms (>= 1.1)
      Microsoft.NETCore.Targets (>= 1.1)
      System.Runtime (>= 4.3)
    System.IO (4.3)
      Microsoft.NETCore.Platforms (>= 1.1)
      Microsoft.NETCore.Targets (>= 1.1)
      System.Runtime (>= 4.3)
      System.Text.Encoding (>= 4.3)
      System.Threading.Tasks (>= 4.3)
    System.Linq (4.3)
      System.Collections (>= 4.3)
      System.Diagnostics.Debug (>= 4.3)
      System.Resources.ResourceManager (>= 4.3)
      System.Runtime (>= 4.3)
      System.Runtime.Extensions (>= 4.3)
    System.Linq.Expressions (4.3)
      System.Collections (>= 4.3)
      System.Diagnostics.Debug (>= 4.3)
      System.Globalization (>= 4.3)
      System.IO (>= 4.3)
      System.Linq (>= 4.3)
      System.ObjectModel (>= 4.3)
      System.Reflection (>= 4.3)
      System.Reflection.Emit (>= 4.3)
      System.Reflection.Emit.ILGeneration (>= 4.3)
      System.Reflection.Emit.Lightweight (>= 4.3)
      System.Reflection.Extensions (>= 4.3)
      System.Reflection.Primitives (>= 4.3)
      System.Reflection.TypeExtensions (>= 4.3)
      System.Resources.ResourceManager (>= 4.3)
      System.Runtime (>= 4.3)
      System.Runtime.Extensions (>= 4.3)
      System.Threading (>= 4.3)
    System.Memory (4.5.4)
      System.Buffers (>= 4.5.1) - restriction: || (&& (== netcoreapp3.1) (>= monoandroid)) (&& (== netcoreapp3.1) (>= monotouch)) (&& (== netcoreapp3.1) (>= net461)) (&& (== netcoreapp3.1) (< netcoreapp2.0)) (&& (== netcoreapp3.1) (< netstandard1.1)) (&& (== netcoreapp3.1) (< netstandard2.0)) (&& (== netcoreapp3.1) (>= xamarinios)) (&& (== netcoreapp3.1) (>= xamarinmac)) (&& (== netcoreapp3.1) (>= xamarintvos)) (&& (== netcoreapp3.1) (>= xamarinwatchos)) (== netstandard2.0)
      System.Numerics.Vectors (>= 4.4) - restriction: || (&& (== netcoreapp3.1) (< netcoreapp2.0)) (== netstandard2.0)
      System.Runtime.CompilerServices.Unsafe (>= 4.5.3) - restriction: || (&& (== netcoreapp3.1) (>= monoandroid)) (&& (== netcoreapp3.1) (>= monotouch)) (&& (== netcoreapp3.1) (>= net461)) (&& (== netcoreapp3.1) (< netcoreapp2.0)) (&& (== netcoreapp3.1) (< netcoreapp2.1)) (&& (== netcoreapp3.1) (< netstandard1.1)) (&& (== netcoreapp3.1) (< netstandard2.0)) (&& (== netcoreapp3.1) (>= uap10.1)) (&& (== netcoreapp3.1) (>= xamarinios)) (&& (== netcoreapp3.1) (>= xamarinmac)) (&& (== netcoreapp3.1) (>= xamarintvos)) (&& (== netcoreapp3.1) (>= xamarinwatchos)) (== netstandard2.0)
    System.Numerics.Vectors (4.5)
    System.ObjectModel (4.3)
      System.Collections (>= 4.3)
      System.Diagnostics.Debug (>= 4.3)
      System.Resources.ResourceManager (>= 4.3)
      System.Runtime (>= 4.3)
      System.Threading (>= 4.3)
    System.Reactive (5.0)
      System.Runtime.InteropServices.WindowsRuntime (>= 4.3) - restriction: == netstandard2.0
      System.Threading.Tasks.Extensions (>= 4.5.4) - restriction: || (&& (== netcoreapp3.1) (>= net472)) (&& (== netcoreapp3.1) (>= uap10.1)) (== netstandard2.0)
    System.Reflection (4.3)
      Microsoft.NETCore.Platforms (>= 1.1)
      Microsoft.NETCore.Targets (>= 1.1)
      System.IO (>= 4.3)
      System.Reflection.Primitives (>= 4.3)
      System.Runtime (>= 4.3)
    System.Reflection.Emit (4.7)
      System.Reflection.Emit.ILGeneration (>= 4.7) - restriction: || (&& (== netcoreapp3.1) (< netcoreapp2.0) (< netstandard2.1)) (&& (== netcoreapp3.1) (>= netcoreapp5.0)) (&& (== netcoreapp3.1) (< netstandard1.1)) (&& (== netcoreapp3.1) (< netstandard2.0)) (&& (== netcoreapp3.1) (>= uap10.1)) (== netstandard2.0)
    System.Reflection.Emit.ILGeneration (4.7)
    System.Reflection.Emit.Lightweight (4.7)
      System.Reflection.Emit.ILGeneration (>= 4.7) - restriction: || (&& (== netcoreapp3.1) (< netcoreapp2.0) (< netstandard2.1)) (&& (== netcoreapp3.1) (>= netcoreapp5.0)) (&& (== netcoreapp3.1) (< netstandard2.0)) (&& (== netcoreapp3.1) (< portable-net45+wp8)) (&& (== netcoreapp3.1) (>= uap10.1)) (== netstandard2.0)
    System.Reflection.Extensions (4.3)
      Microsoft.NETCore.Platforms (>= 1.1)
      Microsoft.NETCore.Targets (>= 1.1)
      System.Reflection (>= 4.3)
      System.Runtime (>= 4.3)
    System.Reflection.Metadata (5.0) - restriction: == netstandard2.0
      System.Collections.Immutable (>= 5.0)
    System.Reflection.Primitives (4.3)
      Microsoft.NETCore.Platforms (>= 1.1)
      Microsoft.NETCore.Targets (>= 1.1)
      System.Runtime (>= 4.3)
    System.Reflection.TypeExtensions (4.7)
    System.Resources.ResourceManager (4.3)
      Microsoft.NETCore.Platforms (>= 1.1)
      Microsoft.NETCore.Targets (>= 1.1)
      System.Globalization (>= 4.3)
      System.Reflection (>= 4.3)
      System.Runtime (>= 4.3)
    System.Runtime (4.3.1)
      Microsoft.NETCore.Platforms (>= 1.1.1)
      Microsoft.NETCore.Targets (>= 1.1.3)
    System.Runtime.CompilerServices.Unsafe (5.0)
    System.Runtime.Extensions (4.3.1)
      Microsoft.NETCore.Platforms (>= 1.1.1)
      Microsoft.NETCore.Targets (>= 1.1.3)
      System.Runtime (>= 4.3.1)
    System.Runtime.InteropServices.WindowsRuntime (4.3) - restriction: == netstandard2.0
      System.Runtime (>= 4.3)
    System.Text.Encoding (4.3)
      Microsoft.NETCore.Platforms (>= 1.1)
      Microsoft.NETCore.Targets (>= 1.1)
      System.Runtime (>= 4.3)
    System.Text.Encodings.Web (5.0.1)
      System.Buffers (>= 4.5.1) - restriction: || (&& (== netcoreapp3.1) (>= net461)) (&& (== netcoreapp3.1) (< netcoreapp2.0) (< netstandard2.1)) (== netstandard2.0)
      System.Memory (>= 4.5.4) - restriction: || (&& (== netcoreapp3.1) (>= net461)) (&& (== netcoreapp3.1) (< netcoreapp2.0) (< netstandard2.1)) (&& (== netcoreapp3.1) (< netcoreapp2.1) (< netstandard2.1)) (&& (== netcoreapp3.1) (>= uap10.1)) (== netstandard2.0)
    System.Text.Json (5.0.1)
      Microsoft.Bcl.AsyncInterfaces (>= 5.0) - restriction: || (&& (== netcoreapp3.1) (>= monoandroid)) (&& (== netcoreapp3.1) (>= monotouch)) (&& (== netcoreapp3.1) (>= net461)) (&& (== netcoreapp3.1) (< netcoreapp2.0)) (&& (== netcoreapp3.1) (< netcoreapp2.1)) (&& (== netcoreapp3.1) (< netcoreapp3.0)) (&& (== netcoreapp3.1) (>= uap10.1)) (&& (== netcoreapp3.1) (>= xamarinios)) (&& (== netcoreapp3.1) (>= xamarinmac)) (&& (== netcoreapp3.1) (>= xamarintvos)) (&& (== netcoreapp3.1) (>= xamarinwatchos)) (== netstandard2.0)
      System.Buffers (>= 4.5.1) - restriction: || (&& (== netcoreapp3.1) (>= monoandroid)) (&& (== netcoreapp3.1) (>= monotouch)) (&& (== netcoreapp3.1) (>= net461)) (&& (== netcoreapp3.1) (< netcoreapp2.0)) (&& (== netcoreapp3.1) (>= xamarinios)) (&& (== netcoreapp3.1) (>= xamarinmac)) (&& (== netcoreapp3.1) (>= xamarintvos)) (&& (== netcoreapp3.1) (>= xamarinwatchos)) (== netstandard2.0)
      System.Memory (>= 4.5.4) - restriction: || (&& (== netcoreapp3.1) (>= net461)) (&& (== netcoreapp3.1) (< netcoreapp2.0)) (&& (== netcoreapp3.1) (< netcoreapp2.1)) (&& (== netcoreapp3.1) (>= uap10.1)) (== netstandard2.0)
      System.Numerics.Vectors (>= 4.5) - restriction: || (&& (== netcoreapp3.1) (>= net461)) (&& (== netcoreapp3.1) (< netcoreapp2.0)) (== netstandard2.0)
      System.Runtime.CompilerServices.Unsafe (>= 5.0) - restriction: || (&& (== netcoreapp3.1) (>= monoandroid)) (&& (== netcoreapp3.1) (>= monotouch)) (&& (== netcoreapp3.1) (>= net461)) (&& (== netcoreapp3.1) (< netcoreapp2.0)) (&& (== netcoreapp3.1) (< netcoreapp2.1)) (&& (== netcoreapp3.1) (< netcoreapp3.0)) (&& (== netcoreapp3.1) (>= uap10.1)) (&& (== netcoreapp3.1) (>= xamarinios)) (&& (== netcoreapp3.1) (>= xamarinmac)) (&& (== netcoreapp3.1) (>= xamarintvos)) (&& (== netcoreapp3.1) (>= xamarinwatchos)) (== netstandard2.0)
      System.Text.Encodings.Web (>= 5.0) - restriction: || (&& (== netcoreapp3.1) (>= monoandroid)) (&& (== netcoreapp3.1) (>= monotouch)) (&& (== netcoreapp3.1) (>= net461)) (&& (== netcoreapp3.1) (< netcoreapp2.0)) (&& (== netcoreapp3.1) (< netcoreapp2.1)) (&& (== netcoreapp3.1) (< netcoreapp3.0)) (&& (== netcoreapp3.1) (>= uap10.1)) (&& (== netcoreapp3.1) (>= xamarinios)) (&& (== netcoreapp3.1) (>= xamarinmac)) (&& (== netcoreapp3.1) (>= xamarintvos)) (&& (== netcoreapp3.1) (>= xamarinwatchos)) (== netstandard2.0)
      System.Threading.Tasks.Extensions (>= 4.5.4) - restriction: || (&& (== netcoreapp3.1) (>= net461)) (&& (== netcoreapp3.1) (< netcoreapp2.0)) (&& (== netcoreapp3.1) (< netcoreapp2.1)) (&& (== netcoreapp3.1) (>= uap10.1)) (== netstandard2.0)
    System.Threading (4.3)
      System.Runtime (>= 4.3)
      System.Threading.Tasks (>= 4.3)
    System.Threading.Tasks (4.3)
      Microsoft.NETCore.Platforms (>= 1.1)
      Microsoft.NETCore.Targets (>= 1.1)
      System.Runtime (>= 4.3)
    System.Threading.Tasks.Extensions (4.5.4) - restriction: || (&& (== netcoreapp3.1) (>= net461)) (&& (== netcoreapp3.1) (< netcoreapp2.0)) (&& (== netcoreapp3.1) (< netcoreapp2.1)) (&& (== netcoreapp3.1) (>= uap10.1)) (== netstandard2.0)
      System.Runtime.CompilerServices.Unsafe (>= 4.5.3) - restriction: || (&& (== netcoreapp3.1) (>= net461)) (&& (== netcoreapp3.1) (< netcoreapp2.1)) (&& (== netcoreapp3.1) (< netstandard1.0)) (&& (== netcoreapp3.1) (< netstandard2.0)) (&& (== netcoreapp3.1) (>= wp8)) (== netstandard2.0)
    Ultz.Native.GLFW (3.3.2.1)
    Ultz.SuperInvoke (1.1)
      System.Memory (>= 4.5.3)
      System.Reflection.Emit (>= 4.7)
      Ultz.SuperInvoke.Loader (>= 1.1)
    Ultz.SuperInvoke.Loader (1.1)
      Microsoft.DotNet.PlatformAbstractions (>= 3.1.1)
      Microsoft.Extensions.DependencyModel (>= 3.1.1)
    Unofficial.AssimpNet (4.0.9)
    Unofficial.LibTessDotNet (2.0.2)
    Unofficial.OpenTK (3.0.20)
    Unofficial.OpenVR (1.1)
    Unofficial.Typography (0.1)
      System.Numerics.Vectors (>= 4.5)
