STORAGE: NONE
RESTRICTION: || (== netcoreapp3.1) (== netstandard2.0)
NUGET
  remote: https://api.nuget.org/v3/index.json
    Aardium (2.0.9)
      FSharp.Core (>= 4.7)
      FSys (>= 0.0.1 < 0.1)
    Aardvark.Application (5.3)
      Aardvark.Base.Essentials (>= 5.2.13 < 5.3)
      Aardvark.Base.Incremental (>= 5.2.13 < 5.3)
      Aardvark.Rendering (5.3)
      FShade.Core (>= 5.3 < 5.4)
      FShade.GLSL (>= 5.3)
      FSharp.Core (>= 5.0.1)
    Aardvark.Application.OpenVR (5.3)
      Aardvark.Application (5.3)
      Aardvark.Base.Essentials (>= 5.2.13 < 5.3)
      Aardvark.Base.Incremental (>= 5.2.13 < 5.3)
      Aardvark.Base.Tensors (>= 5.2.13 < 5.3)
      Aardvark.Rendering (5.3)
      Aardvark.Rendering.Text (5.3)
      Aardvark.SceneGraph (5.3)
      FShade.Core (>= 5.3 < 5.4)
      FShade.GLSL (>= 5.3)
      FSharp.Core (>= 5.0.1)
      Unofficial.OpenVR (>= 1.1 < 1.2)
    Aardvark.Application.OpenVR.GL (5.3)
      Aardvark.Application (5.3)
      Aardvark.Application.OpenVR (5.3)
      Aardvark.Application.Slim (5.3)
      Aardvark.Application.Slim.GL (5.3)
      Aardvark.Base.Essentials (>= 5.2.13 < 5.3)
      Aardvark.Base.Incremental (>= 5.2.13 < 5.3)
      Aardvark.Base.Runtime (>= 5.2.13 < 5.3)
      Aardvark.Rendering (5.3)
      Aardvark.Rendering.GL (5.3)
      Aardvark.SceneGraph (5.3)
      FShade.Core (>= 5.3 < 5.4)
      FShade.GLSL (>= 5.3)
      FSharp.Core (>= 5.0.1)
      Unofficial.OpenTK (>= 3.0.21 < 3.1)
      Unofficial.OpenVR (>= 1.1 < 1.2)
    Aardvark.Application.OpenVR.Vulkan (5.3)
      Aardvark.Application (5.3)
      Aardvark.Application.OpenVR (5.3)
      Aardvark.Base.Essentials (>= 5.2.13 < 5.3)
      Aardvark.Base.Incremental (>= 5.2.13 < 5.3)
      Aardvark.Base.Runtime (>= 5.2.13 < 5.3)
      Aardvark.Rendering (5.3)
      Aardvark.Rendering.Vulkan (5.3)
      Aardvark.SceneGraph (5.3)
      FShade.Core (>= 5.3 < 5.4)
      FShade.GLSL (>= 5.3)
      FSharp.Core (>= 5.0.1)
      Unofficial.OpenVR (>= 1.1 < 1.2)
    Aardvark.Application.Slim (5.3)
      Aardvark.Application (5.3)
      Aardvark.Base.Essentials (>= 5.2.13 < 5.3)
      Aardvark.Base.Incremental (>= 5.2.13 < 5.3)
      Aardvark.Base.Runtime (>= 5.2.13 < 5.3)
      Aardvark.Rendering (5.3)
      FShade (>= 5.3 < 5.4)
      FSharp.Core (>= 5.0.1)
      Silk.NET.GLFW (2.15)
      Unofficial.OpenTK (>= 3.0.21 < 3.1)
    Aardvark.Application.Slim.GL (5.3)
      Aardvark.Application (5.3)
      Aardvark.Application.Slim (5.3)
      Aardvark.Base.Essentials (>= 5.2.13 < 5.3)
      Aardvark.Base.Incremental (>= 5.2.13 < 5.3)
      Aardvark.Base.Runtime (>= 5.2.13 < 5.3)
      Aardvark.Base.Tensors (>= 5.2.13 < 5.3)
      Aardvark.Rendering (5.3)
      Aardvark.Rendering.GL (5.3)
      FShade (>= 5.3 < 5.4)
      FSharp.Core (>= 5.0.1)
      Silk.NET.Core (2.15)
      Silk.NET.GLFW (2.15)
      Unofficial.OpenTK (>= 3.0.21 < 3.1)
    Aardvark.Application.Slim.Vulkan (5.3)
      Aardvark.Application (5.3)
      Aardvark.Application.Slim (5.3)
      Aardvark.Base.Essentials (>= 5.2.13 < 5.3)
      Aardvark.Base.Incremental (>= 5.2.13 < 5.3)
      Aardvark.Base.Runtime (>= 5.2.13 < 5.3)
      Aardvark.Rendering (5.3)
      Aardvark.Rendering.Vulkan (5.3)
      FShade (>= 5.3 < 5.4)
      FSharp.Core (>= 5.0.1)
      GLSLangSharp (>= 0.4.14 < 0.5)
      Silk.NET.GLFW (2.15)
      Unofficial.OpenTK (>= 3.0.21 < 3.1)
    Aardvark.Application.Utilities (5.3)
      Aardvark.Application (5.3)
      Aardvark.Application.OpenVR (5.3)
      Aardvark.Application.OpenVR.GL (5.3)
      Aardvark.Application.OpenVR.Vulkan (5.3)
      Aardvark.Application.Slim (5.3)
      Aardvark.Application.Slim.GL (5.3)
      Aardvark.Application.Slim.Vulkan (5.3)
      Aardvark.Base.Essentials (>= 5.2.13 < 5.3)
      Aardvark.Base.Incremental (>= 5.2.13 < 5.3)
      Aardvark.Base.Runtime (>= 5.2.13 < 5.3)
      Aardvark.Rendering (5.3)
      Aardvark.Rendering.GL (5.3)
      Aardvark.Rendering.Text (5.3)
      Aardvark.Rendering.Vulkan (5.3)
      Aardvark.SceneGraph (5.3)
      FShade.Core (>= 5.3 < 5.4)
      FShade.GLSL (>= 5.3)
      FSharp.Core (>= 5.0.1)
      Unofficial.OpenTK (>= 3.0.21 < 3.1)
      Unofficial.OpenVR (>= 1.1 < 1.2)
    Aardvark.Assembler (0.0.7)
      Aardvark.Base (>= 5.2.7 < 5.3)
      Aardvark.Base.Runtime (>= 5.2.7 < 5.3)
      FSharp.Core (>= 5.0)
      FSharp.Data.Adaptive (>= 1.2.13 < 1.3)
    Aardvark.Base (5.2.14)
      Aardvark.Base.Telemetry (5.2.14)
      System.Collections.Immutable (>= 5.0)
      System.Reflection.Metadata (>= 5.0) - restriction: == netstandard2.0
      System.Text.Json (>= 4.7.2)
    Aardvark.Base.Essentials (5.2.14)
      Aardvark.Base (5.2.14)
      System.Collections.Immutable (>= 5.0)
    Aardvark.Base.FSharp (5.2.14)
      Aardvark.Base (5.2.14)
      Aardvark.Base.TypeProviders (>= 4.5.15 < 4.6)
      FSharp.Core (>= 5.0)
      FSharp.Data.Adaptive (>= 1.2 < 1.3)
      FsPickler (>= 5.3.2 < 5.4)
      System.Dynamic.Runtime (>= 4.3 < 4.4)
    Aardvark.Base.Incremental (5.2.14)
      Aardvark.Base (5.2.14)
      Aardvark.Base.FSharp (5.2.14)
      Aardvark.Base.TypeProviders (>= 4.5.15 < 4.6)
      FSharp.Core (>= 5.0)
      FSharp.Data.Adaptive (>= 1.2 < 1.3)
      FsPickler (>= 5.3.2 < 5.4)
    Aardvark.Base.Runtime (5.2.14)
      Aardvark.Base.FSharp (5.2.14)
      Aardvark.Base.Incremental (5.2.14)
      Aardvark.Base.TypeProviders (>= 4.5.15 < 4.6)
      FSharp.Core (>= 5.0)
      FSharp.Data.Adaptive (>= 1.2 < 1.3)
      FsPickler (>= 5.3.2 < 5.4)
    Aardvark.Base.Telemetry (5.2.14)
    Aardvark.Base.Tensors (5.2.14)
      Aardvark.Base (5.2.14)
      Aardvark.Base.FSharp (5.2.14)
      FSharp.Core (>= 5.0)
      SixLabors.ImageSharp (>= 2.1.3 < 2.2)
    Aardvark.Base.TypeProviders (4.5.15)
      FSharp.Core (>= 4.2.3)
    Aardvark.Geometry (5.2.14)
      Aardvark.Base (5.2.14)
      Aardvark.Base.FSharp (5.2.14)
      Aardvark.Base.Tensors (5.2.14)
      Aardvark.Base.TypeProviders (>= 4.5.15 < 4.6)
      FSharp.Core (>= 5.0)
      FSharp.Data.Adaptive (>= 1.2 < 1.3)
      FsPickler (>= 5.3.2 < 5.4)
      Unofficial.LibTessDotNet (>= 2.0.2 < 2.1)
    Aardvark.GPGPU (5.3)
      Aardvark.Base.Incremental (>= 5.2.13 < 5.3)
      Aardvark.Rendering (5.3)
      FShade.Core (>= 5.3 < 5.4)
      FShade.GLSL (>= 5.3)
      FSharp.Core (>= 5.0.1)
    Aardvark.Physics.Sky (5.2)
      Aardvark.Base.Tensors (>= 5.2.2 < 5.3)
    Aardvark.Rendering (5.3)
      Aardvark.Base.Essentials (>= 5.2.13 < 5.3)
      Aardvark.Base.Incremental (>= 5.2.13 < 5.3)
      Aardvark.Base.Tensors (>= 5.2.13 < 5.3)
      FShade.Core (>= 5.3 < 5.4)
      FShade.GLSL (>= 5.3)
      FSharp.Core (>= 5.0.1)
      FSharp.Data.Adaptive (>= 1.2.13 < 1.3)
    Aardvark.Rendering.GL (5.3)
      Aardvark.Assembler (>= 0.0.6 < 0.1)
      Aardvark.Base.Essentials (>= 5.2.13 < 5.3)
      Aardvark.Base.Incremental (>= 5.2.13 < 5.3)
      Aardvark.Base.Runtime (>= 5.2.13 < 5.3)
      Aardvark.Base.Tensors (>= 5.2.13 < 5.3)
      Aardvark.Geometry (>= 5.2.13 < 5.3)
      Aardvark.Rendering (5.3)
      FShade (>= 5.3 < 5.4)
      FSharp.Core (>= 5.0.1)
      Unofficial.OpenTK (>= 3.0.21 < 3.1)
    Aardvark.Rendering.Text (5.3)
      Aardvark.Base.Incremental (>= 5.2.13 < 5.3)
      Aardvark.Rendering (5.3)
      Aardvark.SceneGraph (5.3)
      CommonMark.NET (>= 0.15.1 < 0.16)
      FShade.Core (>= 5.3 < 5.4)
      FShade.GLSL (>= 5.3)
      FSharp.Core (>= 5.0.1)
      Unofficial.LibTessDotNet (>= 2.0.2 < 2.1)
      Unofficial.Typography (>= 0.1 < 0.2)
    Aardvark.Rendering.Vulkan (5.3)
      Aardvark.Base.FSharp (>= 5.2.13 < 5.3)
      Aardvark.Base.Incremental (>= 5.2.13 < 5.3)
      Aardvark.Base.Runtime (>= 5.2.13 < 5.3)
      Aardvark.Base.Tensors (>= 5.2.13 < 5.3)
      Aardvark.Rendering (5.3)
      FShade (>= 5.3 < 5.4)
      FSharp.Core (>= 5.0.1)
      GLSLangSharp (>= 0.4.14 < 0.5)
    Aardvark.SceneGraph (5.3)
      Aardvark.Base.Incremental (>= 5.2.13 < 5.3)
      Aardvark.Rendering (5.3)
      FShade.Core (>= 5.3 < 5.4)
      FShade.GLSL (>= 5.3)
      FSharp.Core (>= 5.0.1)
    Aardvark.SceneGraph.IO (5.3)
      Aardvark.Base.Incremental (>= 5.2.13 < 5.3)
      Aardvark.Base.Tensors (>= 5.2.13 < 5.3)
      Aardvark.Rendering (5.3)
      Aardvark.SceneGraph (5.3)
      AssimpNet (>= 5.0.0-beta1 < 5.1.0-beta)
      FShade.Core (>= 5.3 < 5.4)
      FShade.GLSL (>= 5.3)
      FSharp.Core (>= 5.0.1)
    Aardvark.Service (5.3.5)
      Aardvark.Application (>= 5.3)
      Aardvark.Base (>= 5.2.13 < 5.3)
      Aardvark.Base.FSharp (>= 5.2.13 < 5.3)
      Aardvark.GPGPU (>= 5.3 < 5.4)
      Aardvark.Rendering (>= 5.3 < 5.4)
      Aardvark.Rendering.GL (>= 5.3)
      Aardvark.Rendering.Vulkan (>= 5.3 < 5.4)
      FSharp.Core (>= 5.0.1)
      FSharp.Data.Adaptive (>= 1.2.8 < 1.3)
      FsPickler (>= 5.3.2 < 5.4)
      FsPickler.Json (>= 5.3.2 < 5.4)
      Suave (>= 2.5.6 < 2.6)
    Aardvark.UI (5.3.5)
      Aardvark.Application (>= 5.3)
      Aardvark.Base (>= 5.2.13 < 5.3)
      Aardvark.Base.FSharp (>= 5.2.13 < 5.3)
      Aardvark.Base.Incremental (>= 5.2.13 < 5.3)
      Aardvark.Rendering (>= 5.3 < 5.4)
      Aardvark.SceneGraph (>= 5.3 < 5.4)
      Aardvark.Service (5.3.5)
      FSharp.Core (>= 5.0.1)
      FSharp.Data.Adaptive (>= 1.2.8 < 1.3)
      FsPickler (>= 5.3.2 < 5.4)
      FsPickler.Json (>= 5.3.2 < 5.4)
      Suave (>= 2.5.6 < 2.6)
    Aardvark.UI.Primitives (5.3.5)
      Aardvark.Application (>= 5.3)
      Aardvark.Base (>= 5.2.13 < 5.3)
      Aardvark.Base.FSharp (>= 5.2.13 < 5.3)
      Aardvark.Base.Incremental (>= 5.2.13 < 5.3)
      Aardvark.Rendering (>= 5.3 < 5.4)
      Aardvark.SceneGraph (>= 5.3 < 5.4)
      Aardvark.Service (5.3.5)
      Aardvark.UI (5.3.5)
      Adaptify.Core (>= 1.1.8 < 1.2)
      Aether (>= 8.3.1 < 8.4)
      FSharp.Core (>= 5.0.1)
      FSharp.Data.Adaptive (>= 1.2.8 < 1.3)
      FsPickler (>= 5.3.2 < 5.4)
      FsPickler.Json (>= 5.3.2 < 5.4)
    Adaptify.Core (1.1.8)
      FSharp.Data.Adaptive (>= 1.2.13 < 1.3)
    Adaptify.MSBuild (1.1.8)
      Adaptify.Core (1.1.8)
    Aether (8.3.1)
      FSharp.Core (>= 4.3.4)
    AssimpNet (5.0.0-beta1)
      NETStandard.Library (>= 1.6.1)
    CommonMark.NET (0.15.1)
    CSharp.Data.Adaptive (1.2.13)
      FSharp.Core (>= 4.7)
      FSharp.Data.Adaptive (1.2.13)
      System.Reflection.Emit.Lightweight (>= 4.6)
    FShade (5.3.1)
      FShade.Core (5.3.1)
      FShade.GLSL (5.3.1)
      FShade.Imperative (5.3.1)
      FShade.SpirV (5.3.1)
    FShade.Core (5.3.1)
      Aardvark.Base (>= 5.2.13 < 5.3)
      Aardvark.Base.FSharp (>= 5.2.13 < 5.3)
      FShade.Imperative (5.3.1)
      FSharp.Core (>= 5.0)
    FShade.GLSL (5.3.1)
      Aardvark.Base (>= 5.2.13 < 5.3)
      Aardvark.Base.FSharp (>= 5.2.13 < 5.3)
      FShade.Core (5.3.1)
      FShade.Imperative (5.3.1)
      FSharp.Core (>= 5.0)
    FShade.Imperative (5.3.1)
      Aardvark.Base (>= 5.2.13 < 5.3)
      Aardvark.Base.FSharp (>= 5.2.13 < 5.3)
      FSharp.Core (>= 5.0)
      FsPickler (>= 5.3.2 < 5.4)
    FShade.SpirV (5.3.1)
      Aardvark.Base (>= 5.2.13 < 5.3)
      Aardvark.Base.FSharp (>= 5.2.13 < 5.3)
      FShade.Core (5.3.1)
      FShade.Imperative (5.3.1)
      FSharp.Core (>= 5.0)
    FSharp.Core (5.0.1)
    FSharp.Data.Adaptive (1.2.13)
      FSharp.Core (>= 4.7)
      System.Reflection.Emit.Lightweight (>= 4.6)
    FsPickler (5.3.2)
      FSharp.Core (>= 4.3.2)
      System.Reflection.Emit.Lightweight (>= 4.3)
    FsPickler.Json (5.3.2)
      FSharp.Core (>= 4.3.2)
      FsPickler (>= 5.3.2)
      Newtonsoft.Json (>= 10.0.1)
    FSys (0.0.1)
      FSharp.Core (>= 4.7)
    GLSLangSharp (0.4.14)
      FSharp.Core (>= 5.0)
    Microsoft.Bcl.AsyncInterfaces (5.0) - restriction: || (&& (== netcoreapp3.1) (>= monoandroid) (< netstandard2.0)) (&& (== netcoreapp3.1) (>= monotouch)) (&& (== netcoreapp3.1) (>= net461)) (&& (== netcoreapp3.1) (< netcoreapp2.0)) (&& (== netcoreapp3.1) (< netcoreapp2.1)) (&& (== netcoreapp3.1) (< netcoreapp3.0)) (&& (== netcoreapp3.1) (>= uap10.1)) (&& (== netcoreapp3.1) (>= xamarinios)) (&& (== netcoreapp3.1) (>= xamarinmac)) (&& (== netcoreapp3.1) (>= xamarintvos)) (&& (== netcoreapp3.1) (>= xamarinwatchos)) (== netstandard2.0)
      System.Threading.Tasks.Extensions (>= 4.5.4) - restriction: || (&& (== netcoreapp3.1) (>= net461)) (&& (== netcoreapp3.1) (< netcoreapp2.1) (< netstandard2.1)) (== netstandard2.0)
    Microsoft.Bcl.HashCode (1.1.1) - restriction: || (&& (== netcoreapp3.1) (< netstandard2.1)) (== netstandard2.0)
    Microsoft.CSharp (4.7)
    Microsoft.DotNet.PlatformAbstractions (3.1.6)
    Microsoft.Extensions.DependencyModel (5.0)
      System.Buffers (>= 4.5.1) - restriction: || (&& (== netcoreapp3.1) (>= monoandroid) (< netstandard1.3)) (&& (== netcoreapp3.1) (>= monotouch)) (&& (== netcoreapp3.1) (>= net461)) (&& (== netcoreapp3.1) (< netcoreapp2.0)) (&& (== netcoreapp3.1) (< netstandard2.0) (>= xamarintvos)) (&& (== netcoreapp3.1) (< netstandard2.0) (>= xamarinwatchos)) (== netstandard2.0)
      System.Memory (>= 4.5.4) - restriction: || (&& (== netcoreapp3.1) (>= net461)) (&& (== netcoreapp3.1) (< netcoreapp2.0)) (&& (== netcoreapp3.1) (< netcoreapp2.1)) (&& (== netcoreapp3.1) (>= uap10.1)) (== netstandard2.0)
      System.Text.Encodings.Web (>= 5.0)
      System.Text.Json (>= 5.0)
    Microsoft.NETCore.Platforms (5.0.1)
    Microsoft.NETCore.Targets (5.0)
    NETStandard.Library (2.0.3)
      Microsoft.NETCore.Platforms (>= 1.1)
    Newtonsoft.Json (13.0.1)
    Silk.NET.Core (2.15)
      Microsoft.Bcl.HashCode (>= 1.1.1) - restriction: || (&& (== netcoreapp3.1) (< netstandard2.1)) (== netstandard2.0)
      Microsoft.CSharp (>= 4.7)
      Microsoft.DotNet.PlatformAbstractions (>= 3.1.6)
      Microsoft.Extensions.DependencyModel (>= 5.0)
      System.Memory (>= 4.5.4)
      System.Numerics.Vectors (>= 4.5)
      System.Runtime.CompilerServices.Unsafe (>= 6.0)
    Silk.NET.GLFW (2.15)
      Silk.NET.Core (>= 2.15)
      Ultz.Native.GLFW (>= 3.3.3.1)
    SixLabors.ImageSharp (2.1.3)
      System.Buffers (>= 4.5.1) - restriction: || (&& (== netcoreapp3.1) (>= net472)) (&& (== netcoreapp3.1) (< netcoreapp2.1)) (== netstandard2.0)
      System.Memory (>= 4.5.4) - restriction: || (&& (== netcoreapp3.1) (>= net472)) (&& (== netcoreapp3.1) (< netcoreapp2.1)) (== netstandard2.0)
      System.Numerics.Vectors (>= 4.5) - restriction: || (&& (== netcoreapp3.1) (>= net472)) (&& (== netcoreapp3.1) (< netcoreapp2.1)) (== netstandard2.0)
      System.Runtime.CompilerServices.Unsafe (>= 5.0)
      System.Text.Encoding.CodePages (>= 5.0)
    Suave (2.5.6)
      FSharp.Core (>= 4.3.4)
    System.Buffers (4.5.1) - restriction: || (&& (== netcoreapp3.1) (>= monoandroid) (< netstandard2.0)) (&& (== netcoreapp3.1) (>= monotouch)) (&& (== netcoreapp3.1) (>= net461)) (&& (== netcoreapp3.1) (< netcoreapp2.0)) (&& (== netcoreapp3.1) (>= xamarinios)) (&& (== netcoreapp3.1) (>= xamarinmac)) (&& (== netcoreapp3.1) (>= xamarintvos)) (&& (== netcoreapp3.1) (>= xamarinwatchos)) (== netstandard2.0)
    System.Collections (4.3)
      Microsoft.NETCore.Platforms (>= 1.1)
      Microsoft.NETCore.Targets (>= 1.1)
      System.Runtime (>= 4.3)
    System.Collections.Immutable (5.0)
      System.Memory (>= 4.5.4) - restriction: || (&& (== netcoreapp3.1) (>= net461)) (&& (== netcoreapp3.1) (< netcoreapp2.1)) (&& (== netcoreapp3.1) (< netstandard2.0)) (&& (== netcoreapp3.1) (>= uap10.1)) (== netstandard2.0)
    System.Diagnostics.Debug (4.3)
      Microsoft.NETCore.Platforms (>= 1.1)
      Microsoft.NETCore.Targets (>= 1.1)
      System.Runtime (>= 4.3)
    System.Dynamic.Runtime (4.3)
      System.Collections (>= 4.3)
      System.Diagnostics.Debug (>= 4.3)
      System.Linq (>= 4.3)
      System.Linq.Expressions (>= 4.3)
      System.ObjectModel (>= 4.3)
      System.Reflection (>= 4.3)
      System.Reflection.Emit (>= 4.3)
      System.Reflection.Emit.ILGeneration (>= 4.3)
      System.Reflection.Primitives (>= 4.3)
      System.Reflection.TypeExtensions (>= 4.3)
      System.Resources.ResourceManager (>= 4.3)
      System.Runtime (>= 4.3)
      System.Runtime.Extensions (>= 4.3)
      System.Threading (>= 4.3)
    System.Globalization (4.3)
      Microsoft.NETCore.Platforms (>= 1.1)
      Microsoft.NETCore.Targets (>= 1.1)
      System.Runtime (>= 4.3)
    System.IO (4.3)
      Microsoft.NETCore.Platforms (>= 1.1)
      Microsoft.NETCore.Targets (>= 1.1)
      System.Runtime (>= 4.3)
      System.Text.Encoding (>= 4.3)
      System.Threading.Tasks (>= 4.3)
    System.Linq (4.3)
      System.Collections (>= 4.3)
      System.Diagnostics.Debug (>= 4.3)
      System.Resources.ResourceManager (>= 4.3)
      System.Runtime (>= 4.3)
      System.Runtime.Extensions (>= 4.3)
    System.Linq.Expressions (4.3)
      System.Collections (>= 4.3)
      System.Diagnostics.Debug (>= 4.3)
      System.Globalization (>= 4.3)
      System.IO (>= 4.3)
      System.Linq (>= 4.3)
      System.ObjectModel (>= 4.3)
      System.Reflection (>= 4.3)
      System.Reflection.Emit (>= 4.3)
      System.Reflection.Emit.ILGeneration (>= 4.3)
      System.Reflection.Emit.Lightweight (>= 4.3)
      System.Reflection.Extensions (>= 4.3)
      System.Reflection.Primitives (>= 4.3)
      System.Reflection.TypeExtensions (>= 4.3)
      System.Resources.ResourceManager (>= 4.3)
      System.Runtime (>= 4.3)
      System.Runtime.Extensions (>= 4.3)
      System.Threading (>= 4.3)
    System.Memory (4.5.4)
      System.Buffers (>= 4.5.1) - restriction: || (&& (== netcoreapp3.1) (>= monotouch)) (&& (== netcoreapp3.1) (>= net461)) (&& (== netcoreapp3.1) (< netcoreapp2.0)) (&& (== netcoreapp3.1) (< netstandard1.1)) (&& (== netcoreapp3.1) (< netstandard2.0)) (&& (== netcoreapp3.1) (>= xamarinios)) (&& (== netcoreapp3.1) (>= xamarinmac)) (&& (== netcoreapp3.1) (>= xamarintvos)) (&& (== netcoreapp3.1) (>= xamarinwatchos)) (== netstandard2.0)
      System.Numerics.Vectors (>= 4.4) - restriction: || (&& (== netcoreapp3.1) (< netcoreapp2.0)) (== netstandard2.0)
      System.Runtime.CompilerServices.Unsafe (>= 4.5.3) - restriction: || (&& (== netcoreapp3.1) (>= monotouch)) (&& (== netcoreapp3.1) (>= net461)) (&& (== netcoreapp3.1) (< netcoreapp2.0)) (&& (== netcoreapp3.1) (< netcoreapp2.1)) (&& (== netcoreapp3.1) (< netstandard1.1)) (&& (== netcoreapp3.1) (< netstandard2.0)) (&& (== netcoreapp3.1) (>= uap10.1)) (&& (== netcoreapp3.1) (>= xamarinios)) (&& (== netcoreapp3.1) (>= xamarinmac)) (&& (== netcoreapp3.1) (>= xamarintvos)) (&& (== netcoreapp3.1) (>= xamarinwatchos)) (== netstandard2.0)
    System.Numerics.Vectors (4.5)
    System.ObjectModel (4.3)
      System.Collections (>= 4.3)
      System.Diagnostics.Debug (>= 4.3)
      System.Resources.ResourceManager (>= 4.3)
      System.Runtime (>= 4.3)
      System.Threading (>= 4.3)
    System.Reflection (4.3)
      Microsoft.NETCore.Platforms (>= 1.1)
      Microsoft.NETCore.Targets (>= 1.1)
      System.IO (>= 4.3)
      System.Reflection.Primitives (>= 4.3)
      System.Runtime (>= 4.3)
    System.Reflection.Emit (4.7)
      System.Reflection.Emit.ILGeneration (>= 4.7) - restriction: || (&& (== netcoreapp3.1) (< netcoreapp2.0) (< netstandard2.1)) (&& (== netcoreapp3.1) (< netstandard1.1)) (&& (== netcoreapp3.1) (< netstandard2.0)) (&& (== netcoreapp3.1) (>= uap10.1)) (== netstandard2.0)
    System.Reflection.Emit.ILGeneration (4.7)
    System.Reflection.Emit.Lightweight (4.7)
      System.Reflection.Emit.ILGeneration (>= 4.7) - restriction: || (&& (== netcoreapp3.1) (< netcoreapp2.0) (< netstandard2.1)) (&& (== netcoreapp3.1) (< netstandard2.0)) (&& (== netcoreapp3.1) (< portable-net45+wp8)) (&& (== netcoreapp3.1) (>= uap10.1)) (== netstandard2.0)
    System.Reflection.Extensions (4.3)
      Microsoft.NETCore.Platforms (>= 1.1)
      Microsoft.NETCore.Targets (>= 1.1)
      System.Reflection (>= 4.3)
      System.Runtime (>= 4.3)
    System.Reflection.Metadata (5.0) - restriction: == netstandard2.0
      System.Collections.Immutable (>= 5.0)
    System.Reflection.Primitives (4.3)
      Microsoft.NETCore.Platforms (>= 1.1)
      Microsoft.NETCore.Targets (>= 1.1)
      System.Runtime (>= 4.3)
    System.Reflection.TypeExtensions (4.7)
    System.Resources.ResourceManager (4.3)
      Microsoft.NETCore.Platforms (>= 1.1)
      Microsoft.NETCore.Targets (>= 1.1)
      System.Globalization (>= 4.3)
      System.Reflection (>= 4.3)
      System.Runtime (>= 4.3)
    System.Runtime (4.3.1)
      Microsoft.NETCore.Platforms (>= 1.1.1)
      Microsoft.NETCore.Targets (>= 1.1.3)
    System.Runtime.CompilerServices.Unsafe (6.0)
    System.Runtime.Extensions (4.3.1)
      Microsoft.NETCore.Platforms (>= 1.1.1)
      Microsoft.NETCore.Targets (>= 1.1.3)
      System.Runtime (>= 4.3.1)
    System.Text.Encoding (4.3)
      Microsoft.NETCore.Platforms (>= 1.1)
      Microsoft.NETCore.Targets (>= 1.1)
      System.Runtime (>= 4.3)
    System.Text.Encoding.CodePages (5.0)
      Microsoft.NETCore.Platforms (>= 5.0) - restriction: || (== netcoreapp3.1) (&& (== netstandard2.0) (>= net5.0)) (&& (== netstandard2.0) (>= netcoreapp2.0))
      System.Runtime.CompilerServices.Unsafe (>= 5.0)
    System.Text.Encodings.Web (5.0.1)
      System.Buffers (>= 4.5.1) - restriction: || (&& (== netcoreapp3.1) (>= net461)) (&& (== netcoreapp3.1) (< netcoreapp2.0) (< netstandard2.1)) (== netstandard2.0)
      System.Memory (>= 4.5.4) - restriction: || (&& (== netcoreapp3.1) (>= net461)) (&& (== netcoreapp3.1) (< netcoreapp2.0) (< netstandard2.1)) (&& (== netcoreapp3.1) (< netcoreapp2.1) (< netstandard2.1)) (&& (== netcoreapp3.1) (>= uap10.1)) (== netstandard2.0)
    System.Text.Json (5.0.1)
      Microsoft.Bcl.AsyncInterfaces (>= 5.0) - restriction: || (&& (== netcoreapp3.1) (>= monoandroid) (< netstandard2.0)) (&& (== netcoreapp3.1) (>= monotouch)) (&& (== netcoreapp3.1) (>= net461)) (&& (== netcoreapp3.1) (< netcoreapp2.0)) (&& (== netcoreapp3.1) (< netcoreapp2.1)) (&& (== netcoreapp3.1) (< netcoreapp3.0)) (&& (== netcoreapp3.1) (>= uap10.1)) (&& (== netcoreapp3.1) (>= xamarinios)) (&& (== netcoreapp3.1) (>= xamarinmac)) (&& (== netcoreapp3.1) (>= xamarintvos)) (&& (== netcoreapp3.1) (>= xamarinwatchos)) (== netstandard2.0)
      System.Buffers (>= 4.5.1) - restriction: || (&& (== netcoreapp3.1) (>= monoandroid) (< netstandard2.0)) (&& (== netcoreapp3.1) (>= monotouch)) (&& (== netcoreapp3.1) (>= net461)) (&& (== netcoreapp3.1) (< netcoreapp2.0)) (&& (== netcoreapp3.1) (>= xamarinios)) (&& (== netcoreapp3.1) (>= xamarinmac)) (&& (== netcoreapp3.1) (>= xamarintvos)) (&& (== netcoreapp3.1) (>= xamarinwatchos)) (== netstandard2.0)
      System.Memory (>= 4.5.4) - restriction: || (&& (== netcoreapp3.1) (>= net461)) (&& (== netcoreapp3.1) (< netcoreapp2.0)) (&& (== netcoreapp3.1) (< netcoreapp2.1)) (&& (== netcoreapp3.1) (>= uap10.1)) (== netstandard2.0)
      System.Numerics.Vectors (>= 4.5) - restriction: || (&& (== netcoreapp3.1) (>= net461)) (&& (== netcoreapp3.1) (< netcoreapp2.0)) (== netstandard2.0)
      System.Runtime.CompilerServices.Unsafe (>= 5.0) - restriction: || (&& (== netcoreapp3.1) (>= monoandroid) (< netstandard2.0)) (&& (== netcoreapp3.1) (>= monotouch)) (&& (== netcoreapp3.1) (>= net461)) (&& (== netcoreapp3.1) (< netcoreapp2.0)) (&& (== netcoreapp3.1) (< netcoreapp2.1)) (&& (== netcoreapp3.1) (< netcoreapp3.0)) (&& (== netcoreapp3.1) (>= uap10.1)) (&& (== netcoreapp3.1) (>= xamarinios)) (&& (== netcoreapp3.1) (>= xamarinmac)) (&& (== netcoreapp3.1) (>= xamarintvos)) (&& (== netcoreapp3.1) (>= xamarinwatchos)) (== netstandard2.0)
      System.Text.Encodings.Web (>= 5.0) - restriction: || (&& (== netcoreapp3.1) (>= monoandroid) (< netstandard2.0)) (&& (== netcoreapp3.1) (>= monotouch)) (&& (== netcoreapp3.1) (>= net461)) (&& (== netcoreapp3.1) (< netcoreapp2.0)) (&& (== netcoreapp3.1) (< netcoreapp2.1)) (&& (== netcoreapp3.1) (< netcoreapp3.0)) (&& (== netcoreapp3.1) (>= uap10.1)) (&& (== netcoreapp3.1) (>= xamarinios)) (&& (== netcoreapp3.1) (>= xamarinmac)) (&& (== netcoreapp3.1) (>= xamarintvos)) (&& (== netcoreapp3.1) (>= xamarinwatchos)) (== netstandard2.0)
      System.Threading.Tasks.Extensions (>= 4.5.4) - restriction: || (&& (== netcoreapp3.1) (>= net461)) (&& (== netcoreapp3.1) (< netcoreapp2.0)) (&& (== netcoreapp3.1) (< netcoreapp2.1)) (&& (== netcoreapp3.1) (>= uap10.1)) (== netstandard2.0)
    System.Threading (4.3)
      System.Runtime (>= 4.3)
      System.Threading.Tasks (>= 4.3)
    System.Threading.Tasks (4.3)
      Microsoft.NETCore.Platforms (>= 1.1)
      Microsoft.NETCore.Targets (>= 1.1)
      System.Runtime (>= 4.3)
    System.Threading.Tasks.Extensions (4.5.4) - restriction: || (&& (== netcoreapp3.1) (>= net461)) (&& (== netcoreapp3.1) (< netcoreapp2.0)) (&& (== netcoreapp3.1) (< netcoreapp2.1)) (&& (== netcoreapp3.1) (>= uap10.1)) (== netstandard2.0)
      System.Runtime.CompilerServices.Unsafe (>= 4.5.3) - restriction: || (&& (== netcoreapp3.1) (>= net461)) (&& (== netcoreapp3.1) (< netcoreapp2.1)) (&& (== netcoreapp3.1) (< netstandard1.0)) (&& (== netcoreapp3.1) (< netstandard2.0)) (&& (== netcoreapp3.1) (>= wp8)) (== netstandard2.0)
    Ultz.Native.GLFW (3.3.3.1)
    Unofficial.LibTessDotNet (2.0.2)
    Unofficial.OpenTK (3.0.21)
    Unofficial.OpenVR (1.1)
    Unofficial.Typography (0.1)
      System.Numerics.Vectors (>= 4.5)
